PATH
  remote: .
  specs:
    vfnetapis (0.0.3)
      json
      launchy
      rest-client

GEM
  remote: https://rubygems.org/
  specs:
    addressable (2.3.6)
    json (1.8.1)
    launchy (2.4.2)
      addressable (~> 2.3)
    mime-types (2.4.3)
    netrc (0.8.0)
    rest-client (1.7.2)
      mime-types (>= 1.16, < 3.0)
      netrc (~> 0.7)

PLATFORMS
  ruby

DEPENDENCIES
  vfnetapis!
